PATH
  remote: .
  specs:
    active_record-comments (0.1.0)
      activerecord

GEM
  remote: https://rubygems.org/
  specs:
    activemodel (4.0.1)
      activesupport (= 4.0.1)
      builder (~> 3.1.0)
    activerecord (4.0.1)
      activemodel (= 4.0.1)
      activerecord-deprecated_finders (~> 1.0.2)
      activesupport (= 4.0.1)
      arel (~> 4.0.0)
    activerecord-deprecated_finders (1.0.3)
    activesupport (4.0.1)
      i18n (~> 0.6, >= 0.6.4)
      minitest (~> 4.2)
      multi_json (~> 1.3)
      thread_safe (~> 0.1)
      tzinfo (~> 0.3.37)
    appraisal (0.5.1)
      bundler
      rake
    arel (4.0.1)
    atomic (1.1.14)
    builder (3.1.4)
    bump (0.3.8)
    diff-lcs (1.2.5)
    i18n (0.6.5)
    iconv (1.0.3)
    minitest (4.7.5)
    multi_json (1.8.2)
    query_diet (0.3.1)
    rake (0.9.2)
    rspec (2.14.1)
      rspec-core (~> 2.14.0)
      rspec-expectations (~> 2.14.0)
      rspec-mocks (~> 2.14.0)
    rspec-core (2.14.7)
    rspec-expectations (2.14.4)
      diff-lcs (>= 1.1.3, < 2.0)
    rspec-mocks (2.14.4)
    sqlite3 (1.3.6)
    thread_safe (0.1.3)
      atomic
    tzinfo (0.3.38)
    wwtd (0.4.4)

PLATFORMS
  ruby

DEPENDENCIES
  active_record-comments!
  appraisal
  bump
  iconv
  query_diet
  rake
  rspec (~> 2.14)
  sqlite3
  wwtd
